PATH
  remote: .
  specs:
    bouncing_ball (0.0.1)
      gosu

GEM
  remote: http://rubygems.org/
  specs:
    diff-lcs (1.1.3)
    gosu (0.7.40)
    rake (0.9.2.2)
    rspec (2.7.0)
      rspec-core (~> 2.7.0)
      rspec-expectations (~> 2.7.0)
      rspec-mocks (~> 2.7.0)
    rspec-core (2.7.1)
    rspec-expectations (2.7.0)
      diff-lcs (~> 1.1.2)
    rspec-mocks (2.7.0)

PLATFORMS
  ruby

DEPENDENCIES
  bouncing_ball!
  rake
  rspec
